GEM
  remote: https://rubygems.org/
  specs:
    ansi (1.5.0)
    builder (3.2.4)
    minitest (5.14.4)
    minitest-reporters (1.4.3)
      ansi
      builder
      minitest (>= 5.0)
      ruby-progressbar
    minitest-stub_any_instance (1.0.2)
    ruby-progressbar (1.11.0)

PLATFORMS
  x86_64-linux-musl

DEPENDENCIES
  minitest
  minitest-reporters
  minitest-stub_any_instance

RUBY VERSION
   ruby 3.0.2p107

BUNDLED WITH
   2.2.25
